PATH
  remote: .
  specs:
    feidee_utils (0.0.5.1)
      rake (~> 10.5, >= 10.5.0)
      rubyzip (~> 1.2, >= 1.2.0)
      sqlite3 (~> 1.3, >= 1.3.10)
      tzinfo (~> 1.2, >= 1.2.2)

GEM
  remote: https://rubygems.org/
  specs:
    minitest (5.11.3)
    rake (10.5.0)
    rubyzip (1.2.1)
    sqlite3 (1.3.13)
    thread_safe (0.3.6)
    tzinfo (1.2.5)
      thread_safe (~> 0.1)

PLATFORMS
  ruby

DEPENDENCIES
  feidee_utils!
  minitest (~> 5.11, >= 5.11.1)

BUNDLED WITH
   1.16.1
