PATH
  remote: .
  specs:
    feidee-utils (0.0.0)
      rubyzip
      sqlite3

GEM
  remote: https://rubygems.org/
  specs:
    minitest (5.8.1)
    rubyzip (1.1.7)
    sqlite3 (1.3.10)

PLATFORMS
  ruby

DEPENDENCIES
  feidee-utils!
  minitest (>= 5.7.1)
  rubyzip
  sqlite3
