PATH
  remote: .
  specs:
    feidee_utils (0.0.4.5)
      rake (~> 10.4, >= 10.4.0)
      rubyzip (~> 1.1, >= 1.1.6)
      sqlite3 (~> 1.3, >= 1.3.10)
      tzinfo (~> 1.2, >= 1.2.2)

GEM
  remote: https://rubygems.org/
  specs:
    minitest (5.11.3)
    rake (10.5.0)
    rubyzip (1.2.1)
    sqlite3 (1.3.13)
    thread_safe (0.3.5)
    tzinfo (1.2.2)
      thread_safe (~> 0.1)

PLATFORMS
  ruby

DEPENDENCIES
  feidee_utils!
  minitest (~> 5.8, >= 5.8.1)

BUNDLED WITH
   1.10.6
