PATH
  remote: .
  specs:
    feidee_utils (0.0.2)
      rubyzip (~> 1.1, >= 1.1.6)
      sqlite3 (~> 1.3, >= 1.3.10)

GEM
  remote: https://rubygems.org/
  specs:
    minitest (5.8.1)
    rubyzip (1.1.7)
    sqlite3 (1.3.10)

PLATFORMS
  ruby

DEPENDENCIES
  feidee_utils!
  minitest (~> 5.8, >= 5.8.1)
